GEM
  remote: https://rubygems.org/
  specs:
    connection_pool (2.2.2)
    multi_json (1.13.1)
    mysql2 (0.5.2)
    rake (12.3.3)
    rollbar (2.21.0)
    zeitwerk (2.1.9)

PLATFORMS
  ruby

DEPENDENCIES
  connection_pool
  multi_json
  mysql2
  rake
  rollbar
  zeitwerk

BUNDLED WITH
   1.17.3
